NUGET
  remote: https://nuget.org/api/v2
  specs:
    FAKE (3.35.1)
    FSharp.Compiler.Service (0.0.89)
    FSharp.Core (3.1.2.1)
    FSharp.Data (2.2.2)
      Zlib.Portable (>= 1.10.0) - framework: portable-net40+sl50+wp80+win80
    FsPickler (1.2.9)
    Suave (0.29.0)
      FSharp.Core (>= 3.1.2.1)
      FsPickler (>= 1.2.5)
    Zlib.Portable (1.10.0) - framework: portable-net40+sl50+wp80+win80
GITHUB
  remote: matthid/Yaaf.FSharp.Scripting
  specs:
    src/source/Yaaf.FSharp.Scripting/YaafFSharpScripting.fs (dda29384bbefbaed1496ee0527120187215a7916)